GEM
  remote: https://rubygems.org/
  specs:
    Ascii85 (1.0.2)
    afm (0.2.2)
    choosy (0.4.10)
    ffi (1.9.6)
    hashery (2.1.1)
    highline (1.6.21)
    pdf-reader (1.3.3)
      Ascii85 (~> 1.0.0)
      afm (~> 0.2.0)
      hashery (~> 2.0)
      ruby-rc4
      ttfunk
    ruby-rc4 (0.1.5)
    sane-ffi (0.1.1)
      ffi
    ttfunk (1.4.0)

PLATFORMS
  ruby

DEPENDENCIES
  choosy
  highline
  pdf-reader
  sane-ffi
